GIT
  remote: git://github.com/alf-tool/alf-core
  revision: 9fcd3d13cf73a978faf5f235c4fb9478d6ef2424
  specs:
    alf-core (0.13.0)
      domain (~> 1.0)
      myrrha (~> 3.0)
      path (~> 1.3)
      sexpr (~> 0.5.1)

GIT
  remote: git://github.com/blambeau/polygon
  revision: 713f0a9ad1535df5881c6df24941143e5a8aa55d
  specs:
    polygon (0.9.1)
      alf-core (~> 0.13.0)
      http (~> 0.0.1)
      json
      launchy (~> 2.0)
      path (~> 1.3)
      quickl (~> 0.4.2)
      sinatra (~> 1.3)
      wlang (~> 2.1)

GIT
  remote: git://github.com/blambeau/wlang
  revision: ec8ce5da9de0c7c7c919d25775da3cbe99ae76b9
  branch: wlang2
  specs:
    wlang (2.2.1)
      backports (~> 2.6)
      citrus (~> 2.4.1)
      path (~> 1.3)
      quickl (~> 0.4.3)
      temple (~> 0.4.0)

GIT
  remote: git://github.com/sinatra/sinatra
  revision: f12a26cdf86c66baa6d6958aad20fea327558e04
  specs:
    sinatra (1.4.2)
      rack (~> 1.5, >= 1.5.2)
      rack-protection (~> 1.4)
      tilt (~> 1.3, >= 1.3.4)

GEM
  remote: http://rubygems.org/
  specs:
    addressable (2.3.4)
    backports (2.8.2)
    citrus (2.4.1)
    coderay (1.0.9)
    daemons (1.1.9)
    diff-lcs (1.2.4)
    domain (1.0.0)
    eventmachine (1.0.3)
    ffi (1.8.1)
    formatador (0.2.4)
    guard (1.8.0)
      formatador (>= 0.2.4)
      listen (>= 1.0.0)
      lumberjack (>= 1.0.2)
      pry (>= 0.9.10)
      thor (>= 0.14.6)
    guard-shell (0.5.1)
      guard (>= 1.1.0)
    http (0.0.2)
    json (1.8.0)
    launchy (2.3.0)
      addressable (~> 2.3)
    listen (1.1.1)
      rb-fsevent (>= 0.9.3)
      rb-inotify (>= 0.9)
      rb-kqueue (>= 0.2)
    lumberjack (1.0.3)
    method_source (0.8.1)
    myrrha (3.0.0)
      domain (~> 1.0)
    path (1.3.1)
    pry (0.9.12.2)
      coderay (~> 1.0.5)
      method_source (~> 0.8)
      slop (~> 3.4)
    quickl (0.4.3)
    rack (1.5.2)
    rack-protection (1.5.0)
      rack
    rack-test (0.6.2)
      rack (>= 1.0)
    rake (10.0.4)
    rb-fsevent (0.9.3)
    rb-inotify (0.9.0)
      ffi (>= 0.5.0)
    rb-kqueue (0.2.0)
      ffi (>= 0.5.0)
    redcarpet (2.0.1)
    rspec (2.13.0)
      rspec-core (~> 2.13.0)
      rspec-expectations (~> 2.13.0)
      rspec-mocks (~> 2.13.0)
    rspec-core (2.13.1)
    rspec-expectations (2.13.0)
      diff-lcs (>= 1.1.3, < 2.0)
    rspec-mocks (2.13.1)
    sexpr (0.5.1)
    slop (3.4.5)
    temple (0.4.1)
    thin (1.5.1)
      daemons (>= 1.0.9)
      eventmachine (>= 0.12.6)
      rack (>= 1.0.0)
    thor (0.18.1)
    tilt (1.4.1)

PLATFORMS
  ruby

DEPENDENCIES
  alf-core!
  eventmachine (~> 1.0)
  guard (~> 1.1)
  guard-shell (~> 0.5.1)
  http (~> 0.0.1)
  json
  launchy (~> 2.0)
  polygon!
  quickl (~> 0.4.2)
  rack-test (~> 0.6.1)
  rake (~> 10.0)
  redcarpet (~> 2.0.1)
  rspec (~> 2.10)
  sinatra!
  thin (~> 1.3)
  wlang!
